GEM
  remote: http://rubygems.org/
  specs:
    archive-tar-minitar (0.5.2)
    coffee-script (2.1.3)
      coffee-script-source
    coffee-script-source (1.0.1)
    compass (0.10.6)
      haml (>= 3.0.4)
    downlow (0.1.4)
      archive-tar-minitar (>= 0.5.2)
      rubyzip (>= 0.9.4)
    fakeweb (1.3.0)
    fssm (0.2.5)
    git (1.2.5)
    haml (3.0.25)
    jeweler (1.5.2)
      bundler (~> 1.0.0)
      git (>= 1.2.5)
      rake
    jim (0.3.1)
      downlow (~> 0.1.3)
      downlow (~> 0.1.4)
      fakeweb (>= 1.2.8)
      fssm
      fssm (~> 0.2.0)
      jeweler
      leftright
      mocha
      rack-test
      rake
      shoulda
      test-unit
      thor
      thor (~> 0.14.4)
      version_sorter (~> 1.1.0)
      version_sorter (~> 1.1.0)
      yajl-ruby
      yajl-ruby
    json (1.4.6)
    leftright (0.9.0)
    mime-types (1.16)
    mocha (0.9.10)
      rake
    mustache (0.11.2)
    rack (1.2.1)
    rack-test (0.5.7)
      rack (>= 1.0)
    rake (0.8.7)
    rubyzip (0.9.4)
    shoulda (2.11.3)
    test-unit (2.1.2)
    thor (0.14.6)
    typhoeus (0.2.0)
    version_sorter (1.1.0)
    yajl-ruby (0.8.0)
    yard (0.6.4)

PLATFORMS
  ruby

DEPENDENCIES
  coffee-script (~> 2.1.2)
  compass (~> 0.10.5)
  jeweler
  jim (~> 0.3.1)
  json (~> 1.4.6)
  mime-types (~> 1.16)
  mustache (~> 0.11.2)
  rake
  shoulda
  thor (~> 0.14.0)
  typhoeus (~> 0.2)
  yard
